PATH
  remote: .
  specs:
    goth (0.0.2)
      oauth2 (~> 0.7.1)

GEM
  remote: http://rubygems.org/
  specs:
    faraday (0.8.1)
      multipart-post (~> 1.1)
    httpauth (0.1)
    multi_json (1.3.7)
    multipart-post (1.1.5)
    oauth2 (0.7.1)
      faraday (~> 0.8)
      httpauth (~> 0.1)
      multi_json (~> 1.0)
      rack (~> 1.4)
    rack (1.4.1)

PLATFORMS
  ruby

DEPENDENCIES
  goth!
