PATH
  remote: .
  specs:
    goth (0.0.1)
      oauth (~> 0.4.4)

GEM
  remote: http://rubygems.org/
  specs:
    oauth (0.4.4)

PLATFORMS
  ruby

DEPENDENCIES
  goth!
