PATH
  remote: .
  specs:
    goth (0.1.1)
      oauth (~> 0.4.4)
      oauth2 (~> 0.7.1)

GEM
  remote: http://rubygems.org/
  specs:
    faraday (0.8.5)
      multipart-post (~> 1.1)
    httpauth (0.2.0)
    multi_json (1.5.0)
    multipart-post (1.1.5)
    oauth (0.4.7)
    oauth2 (0.7.1)
      faraday (~> 0.8)
      httpauth (~> 0.1)
      multi_json (~> 1.0)
      rack (~> 1.4)
    rack (1.5.2)

PLATFORMS
  ruby

DEPENDENCIES
  goth!
