PATH
  remote: .
  specs:
    goth (0.2.2)
      oauth (~> 0.4.4)
      oauth2 (~> 0.9.2)

GEM
  remote: http://rubygems.org/
  specs:
    faraday (0.8.7)
      multipart-post (~> 1.1)
    httpauth (0.2.0)
    jwt (0.1.8)
      multi_json (>= 1.5)
    multi_json (1.7.7)
    multi_xml (0.5.4)
    multipart-post (1.2.0)
    oauth (0.4.7)
    oauth2 (0.9.2)
      faraday (~> 0.8)
      httpauth (~> 0.2)
      jwt (~> 0.1.4)
      multi_json (~> 1.0)
      multi_xml (~> 0.5)
      rack (~> 1.2)
    rack (1.5.2)

PLATFORMS
  ruby

DEPENDENCIES
  goth!
